PATH
  remote: .
  specs:
    batch_queue (1.2.0)

GEM
  remote: https://rubygems.org/
  specs:
    ansi (1.5.0)
    builder (3.2.3)
    minitest (5.12.0)
    minitest-reporters (1.4.1)
      ansi
      builder
      minitest (>= 5.0)
      ruby-progressbar
    rake (13.0.1)
    ruby-progressbar (1.10.0)

PLATFORMS
  ruby
  universal-darwin-24

DEPENDENCIES
  batch_queue!
  bundler (~> 2.2)
  minitest (~> 5.0)
  minitest-reporters (~> 1.4)
  rake (~> 13.0)

BUNDLED WITH
   2.3.26
